GEM
  remote: https://rubygems.org/
  specs:
    elo (0.1.0)

PLATFORMS
  ruby

DEPENDENCIES
  elo

BUNDLED WITH
   1.12.5
